GEM
  remote: http://rubygems.org/
  specs:
    chunky_png (1.2.6)
    rake (0.9.2.2)
    sprite-factory (1.5.1)

PLATFORMS
  ruby

DEPENDENCIES
  chunky_png
  rake
  sprite-factory
